PATH
  remote: .
  specs:
    pf-command (0.0.8)

GEM
  remote: http://rubygems.org/
  specs:

PLATFORMS
  ruby

DEPENDENCIES
  pf-command!
